GEM
  remote: https://rubygems.org/
  specs:
    diff-lcs (1.1.3)
    facter (1.6.7)
    puppet (2.7.12)
      facter (>= 1.5.1)
    puppet-lint (0.1.13)
    rake (0.9.2.2)
    rspec (2.9.0)
      rspec-core (~> 2.9.0)
      rspec-expectations (~> 2.9.0)
      rspec-mocks (~> 2.9.0)
    rspec-core (2.9.0)
    rspec-expectations (2.9.0)
      diff-lcs (~> 1.1.3)
    rspec-mocks (2.9.0)
    rspec-puppet (0.1.2)
      rspec

PLATFORMS
  ruby

DEPENDENCIES
  puppet (>= 2.7)
  puppet-lint
  rake
  rspec-puppet
